NUGET
  remote: https://www.nuget.org/api/v2
  specs:
    CsvHelper (2.13.5)
    EnsureThat (1.0.1)
    Newtonsoft.Json (8.0.2)
